PATH
  remote: .
  specs:
    xrb (0.0.3)
      pry (= 0.11.3)

GEM
  remote: https://rubygems.org/
  specs:
    coderay (1.1.3)
    method_source (0.9.2)
    minitest (5.14.1)
    pry (0.11.3)
      coderay (~> 1.1.0)
      method_source (~> 0.9.0)
    rake (13.0.1)
    rake-compiler (1.1.0)
      rake

PLATFORMS
  ruby

DEPENDENCIES
  minitest
  rake
  rake-compiler
  xrb!

BUNDLED WITH
   2.1.4
